GIT
  remote: git://github.com/jgamsan/spree_addings_for_rodaben.git
  revision: 726fe69b8344df36e7a2f5ce930473a883878379
  branch: stable-1-3
  specs:
    spree_addings_for_rodaben (1.1.2)
      spree_core (>= 1.0.0)

GIT
  remote: git://github.com/jgamsan/spree_contact_us.git
  revision: f99703c8bc741681931a812dd6755a9a982811fc
  specs:
    spree_contact_us (1.1.0)
      spree_core (>= 1.0.0)

GIT
  remote: git://github.com/jgamsan/spree_cycle.git
  revision: f78a125f4b5918cbc025153b17405cd8aedb0d12
  branch: stable-1-3
  specs:
    spree_cycle (1.1.1)
      spree_core (>= 1.0.0)

GIT
  remote: git://github.com/jgamsan/spree_green_tax.git
  revision: 809a4c96756f216571b8cc85c59075c3447cbcd2
  specs:
    spree_green_tax (1.3.0)
      spree_core (>= 1.1.0)

GIT
  remote: git://github.com/jgamsan/spree_i18n.git
  revision: 187525aa60148b8ce73a9be67e56609224f2e4f5
  specs:
    spree_i18n (1.0.0)
      i18n (~> 0.5)
      spree (>= 1.0.0)

GIT
  remote: git://github.com/jgamsan/spree_load_tires_for_rodaben.git
  revision: 5b3f575b67662f8cdc59165304a25d69387ad0cf
  specs:
    spree_load_tires_for_rodaben (1.1.2)
      mechanize
      spree_core (>= 1.0.0)

GIT
  remote: git://github.com/jgamsan/spree_news.git
  revision: 75bfc81c6f4efa6cff97ac7621097f15e3a3a709
  branch: stable-1-3
  specs:
    spree_news (0.0.5)
      haml
      spree_core (>= 1.0.0)

GIT
  remote: git://github.com/jgamsan/spree_search_rodaben.git
  revision: 9a8b0892cf6053b1e1b9260e12757e1acd7563e6
  branch: stable-1-3
  specs:
    spree_search_rodaben (1.1.1)
      spree_core (>= 1.0.0)

GIT
  remote: git://github.com/jgamsan/spree_suppliers.git
  revision: 1277976772422564cdab92c414108d201fb63f14
  branch: stable-1-3
  specs:
    spree_suppliers (1.1.3)
      spree_core (>= 1.1.3)

GIT
  remote: git://github.com/jgamsan/spree_workshop.git
  revision: e1d572d85bb279d17044cb7687d9a4a650b0aff4
  specs:
    spree_workshop (1.2.0)
      spree_core (>= 1.2.0)

GIT
  remote: git://github.com/spree/spree_auth_devise
  revision: b2b82f1bbe4b47a0713bcf70af8b3c17fa39c0d0
  branch: 1-3-stable
  specs:
    spree_auth_devise (1.0.0)
      cancan (~> 1.6.7)
      devise (~> 2.2.3)
      devise-encryptable (= 0.1.2)
      spree_core

GIT
  remote: git://github.com/spree/spree_paypal_express.git
  revision: 9d70ab6d537420ff41468d05d6d2ac3c8d2ff3bf
  branch: 1-3-stable
  specs:
    spree_paypal_express (1.2.0)
      spree_core (~> 1.3.0)

GEM
  remote: https://rubygems.org/
  specs:
    actionmailer (3.2.13)
      actionpack (= 3.2.13)
      mail (~> 2.5.3)
    actionpack (3.2.13)
      activemodel (= 3.2.13)
      activesupport (= 3.2.13)
      builder (~> 3.0.0)
      erubis (~> 2.7.0)
      journey (~> 1.0.4)
      rack (~> 1.4.5)
      rack-cache (~> 1.2)
      rack-test (~> 0.6.1)
      sprockets (~> 2.2.1)
    active_utils (2.0.0)
      activesupport (>= 2.3.11)
      i18n
    activemerchant (1.37.0)
      active_utils (>= 1.0.2)
      activesupport (>= 2.3.14)
      builder (>= 2.0.0)
      i18n
      json (>= 1.5.1)
      money
      nokogiri (< 1.6.0)
    activemodel (3.2.13)
      activesupport (= 3.2.13)
      builder (~> 3.0.0)
    activerecord (3.2.13)
      activemodel (= 3.2.13)
      activesupport (= 3.2.13)
      arel (~> 3.0.2)
      tzinfo (~> 0.3.29)
    activeresource (3.2.13)
      activemodel (= 3.2.13)
      activesupport (= 3.2.13)
    activesupport (3.2.13)
      i18n (= 0.6.1)
      multi_json (~> 1.0)
    acts_as_list (0.1.4)
    addressable (2.3.5)
    akami (1.2.0)
      gyoku (>= 0.4.0)
      nokogiri (>= 1.4.0)
    alias (0.2.3)
    angular-rails (0.0.12)
      coffee-script (~> 2.2.0)
      rails
    arel (3.0.2)
    awesome_nested_set (2.1.5)
      activerecord (>= 3.0.0)
    awesome_print (1.1.0)
    aws-sdk (1.3.9)
      httparty (~> 0.7)
      json (~> 1.4)
      nokogiri (>= 1.4.4)
      uuidtools (~> 2.1)
    bcrypt-ruby (3.1.1)
    better_errors (0.9.0)
      coderay (>= 1.0.0)
      erubis (>= 2.6.6)
    binding_of_caller (0.7.2)
      debug_inspector (>= 0.0.1)
    bootstrap-sass (2.3.2.0)
      sass (~> 3.2)
    boson (1.2.4)
    boson-more (0.2.2)
      boson (>= 1.2.0)
    builder (3.0.4)
    bullet (4.6.0)
      uniform_notifier
    callsite (0.0.11)
    cancan (1.6.8)
    capistrano (2.15.5)
      highline
      net-scp (>= 1.0.0)
      net-sftp (>= 2.0.0)
      net-ssh (>= 2.0.14)
      net-ssh-gateway (>= 1.1.0)
    capistrano-unicorn (0.1.9)
      capistrano
    chronic (0.6.7)
    climate_control (0.0.3)
      activesupport (>= 3.0)
    clipboard (1.0.5)
    cocaine (0.5.1)
      climate_control (>= 0.0.3, < 1.0)
    coderay (1.0.9)
    coffee-rails (3.2.2)
      coffee-script (>= 2.2.0)
      railties (~> 3.2.0)
    coffee-script (2.2.0)
      coffee-script-source
      execjs
    coffee-script-source (1.6.3)
    colorize (0.5.8)
    css_parser (1.3.4)
      addressable
    daemons (1.1.9)
    debug_inspector (0.0.2)
    deface (0.9.0)
      nokogiri (~> 1.5.0)
      rails (~> 3.1)
    devise (2.2.4)
      bcrypt-ruby (~> 3.0)
      orm_adapter (~> 0.1)
      railties (~> 3.1)
      warden (~> 1.2.1)
    devise-encryptable (0.1.2)
      devise (>= 2.1.0)
    devise-i18n (0.8.5)
    domain_name (0.5.13)
      unf (>= 0.0.5, < 1.0.0)
    dotenv (0.8.0)
    erubis (2.7.0)
    eventmachine (1.0.3)
    every_day_irb (1.5.0)
    execjs (1.4.0)
      multi_json (~> 1.0)
    fancy_irb (0.7.3)
      paint (>= 0.8.1)
      unicode-display_width (>= 0.1.1)
    ffaker (1.15.0)
    ffi (1.9.0)
    foreman (0.63.0)
      dotenv (>= 0.7)
      thor (>= 0.13.6)
    g (1.7.2)
    gyoku (1.0.0)
      builder (>= 2.1.2)
    haml (4.0.3)
      tilt
    haml-rails (0.4)
      actionpack (>= 3.1, < 4.1)
      activesupport (>= 3.1, < 4.1)
      haml (>= 3.1, < 4.1)
      railties (>= 3.1, < 4.1)
    highline (1.6.18)
    hike (1.2.3)
    hirb (0.7.1)
    http-cookie (1.0.1)
      domain_name (~> 0.5)
    httparty (0.11.0)
      multi_json (~> 1.0)
      multi_xml (>= 0.5.2)
    httpi (2.0.2)
      rack
    i18n (0.6.1)
    interactive_editor (0.0.10)
      spoon (>= 0.0.1)
    irbtools (1.5.0)
      alias (~> 0.2.3)
      awesome_print (~> 1.1.0)
      boson (~> 1.2.4)
      boson-more (~> 0.2.2)
      clipboard (~> 1.0.5)
      coderay (~> 1.0.9)
      every_day_irb (>= 1.5.0)
      fancy_irb (>= 0.7.3)
      g (>= 1.7.2)
      hirb (~> 0.7.1)
      interactive_editor (>= 0.0.10)
      method_locator (>= 0.0.4)
      method_source (>= 0.8.1)
      methodfinder (>= 1.2.5)
      ori (~> 0.1.0)
      paint (>= 0.8.6)
      wirb (>= 1.0.1)
      zucker (>= 13.1)
    journey (1.0.4)
    jquery-rails (2.2.2)
      railties (>= 3.0, < 5.0)
      thor (>= 0.14, < 2.0)
    json (1.8.0)
    kaminari (0.13.0)
      actionpack (>= 3.0.0)
      activesupport (>= 3.0.0)
      railties (>= 3.0.0)
    kgio (2.8.0)
    launchy (2.3.0)
      addressable (~> 2.3)
    letter_opener (1.1.2)
      launchy (~> 2.2)
    mail (2.5.4)
      mime-types (~> 1.16)
      treetop (~> 1.4.8)
    mechanize (2.7.2)
      domain_name (~> 0.5, >= 0.5.1)
      http-cookie (~> 1.0.0)
      mime-types (~> 1.17, >= 1.17.2)
      net-http-digest_auth (~> 1.1, >= 1.1.1)
      net-http-persistent (~> 2.5, >= 2.5.2)
      nokogiri (~> 1.4)
      ntlm-http (~> 0.1, >= 0.1.1)
      webrobots (>= 0.0.9, < 0.2)
    meta_request (0.2.7)
      callsite
      rack-contrib
      railties
    method_locator (0.0.4)
    method_source (0.8.1)
    methodfinder (1.2.5)
    mime-types (1.24)
    mini_magick (3.6.0)
      subexec (~> 0.2.1)
    money (5.0.0)
      i18n (~> 0.4)
      json
    multi_json (1.7.9)
    multi_xml (0.5.5)
    net-http-digest_auth (1.4)
    net-http-persistent (2.9)
    net-scp (1.1.2)
      net-ssh (>= 2.6.5)
    net-sftp (2.1.2)
      net-ssh (>= 2.6.5)
    net-ssh (2.6.8)
    net-ssh-gateway (1.2.0)
      net-ssh (>= 2.6.5)
    newrelic_rpm (3.6.5.130)
    nokogiri (1.5.10)
    nori (2.1.0)
    ntlm-http (0.1.1)
    ori (0.1.0)
    orm_adapter (0.4.0)
    paint (0.8.6)
    paperclip (2.8.0)
      activerecord (>= 2.3.0)
      activesupport (>= 2.3.2)
      cocaine (>= 0.0.2)
      mime-types
    pg (0.15.1)
    polyamorous (0.5.0)
      activerecord (~> 3.0)
    polyglot (0.3.3)
    puma (2.3.2)
      rack (>= 1.1, < 2.0)
    quiet_assets (1.0.2)
      railties (>= 3.1, < 5.0)
    rabl (0.7.2)
      activesupport (>= 2.3.14)
      multi_json (~> 1.0)
    rack (1.4.5)
    rack-cache (1.2)
      rack (>= 0.4)
    rack-contrib (1.1.0)
      rack (>= 0.9.1)
    rack-ssl (1.3.3)
      rack
    rack-test (0.6.2)
      rack (>= 1.0)
    rails (3.2.13)
      actionmailer (= 3.2.13)
      actionpack (= 3.2.13)
      activerecord (= 3.2.13)
      activeresource (= 3.2.13)
      activesupport (= 3.2.13)
      bundler (~> 1.0)
      railties (= 3.2.13)
    rails-i18n (0.7.4)
      i18n (~> 0.5)
    railties (3.2.13)
      actionpack (= 3.2.13)
      activesupport (= 3.2.13)
      rack-ssl (~> 1.3.2)
      rake (>= 0.8.7)
      rdoc (~> 3.4)
      thor (>= 0.14.6, < 2.0)
    raindrops (0.11.0)
    rake (10.1.0)
    ransack (0.7.2)
      actionpack (~> 3.0)
      activerecord (~> 3.0)
      polyamorous (~> 0.5.0)
    rdoc (3.12.2)
      json (~> 1.4)
    roadie (2.4.1)
      actionmailer (> 3.0.0, < 5.0.0)
      css_parser (~> 1.3.4)
      nokogiri (> 1.5.0, < 1.7.0)
      sprockets
    rvm-capistrano (1.4.1)
      capistrano (>= 2.0.0)
    sass (3.2.9)
    sass-rails (3.2.6)
      railties (~> 3.2.0)
      sass (>= 3.1.10)
      tilt (~> 1.3)
    savon (2.2.0)
      akami (~> 1.2.0)
      builder (>= 2.1.2)
      gyoku (~> 1.0.0)
      httpi (~> 2.0.2)
      nokogiri (>= 1.4.0)
      nori (~> 2.1.0)
      wasabi (~> 3.1.0)
    select2-rails (3.2.1)
      thor (~> 0.14)
    spoon (0.0.4)
      ffi
    spree (1.3.3)
      spree_api (= 1.3.3)
      spree_cmd (= 1.3.3)
      spree_core (= 1.3.3)
      spree_promo (= 1.3.3)
      spree_sample (= 1.3.3)
    spree_api (1.3.3)
      spree_core (= 1.3.3)
      versioncake (= 0.4.0)
    spree_cmd (1.3.3)
      thor (>= 0.14.6)
    spree_core (1.3.3)
      activemerchant (~> 1.31)
      acts_as_list (= 0.1.4)
      awesome_nested_set (= 2.1.5)
      aws-sdk (~> 1.3.4)
      cancan (= 1.6.8)
      deface (>= 0.9.0)
      ffaker (~> 1.15.0)
      highline (= 1.6.18)
      jquery-rails (~> 2.2.0)
      json (>= 1.5.5)
      kaminari (= 0.13.0)
      money (= 5.0.0)
      paperclip (~> 2.8)
      rabl (= 0.7.2)
      rails (~> 3.2.13)
      ransack (= 0.7.2)
      select2-rails (= 3.2.1)
      state_machine (= 1.1.2)
      stringex (~> 1.3.2)
      truncate_html (~> 0.5.5)
    spree_promo (1.3.3)
      spree_core (= 1.3.3)
    spree_sample (1.3.3)
      spree_core (= 1.3.3)
    spree_skrill (1.0.2)
      spree_core (>= 1.0.0)
    spree_usa_epay (1.0.2)
      savon
      spree_core (>= 1.0.0)
    sprockets (2.2.2)
      hike (~> 1.2)
      multi_json (~> 1.0)
      rack (~> 1.0)
      tilt (~> 1.1, != 1.3.0)
    state_machine (1.1.2)
    stringex (1.3.3)
    subexec (0.2.3)
    thin (1.5.1)
      daemons (>= 1.0.9)
      eventmachine (>= 0.12.6)
      rack (>= 1.0.0)
    thor (0.18.1)
    tilt (1.4.1)
    treetop (1.4.15)
      polyglot
      polyglot (>= 0.3.1)
    truncate_html (0.5.5)
    turbo-sprockets-rails3 (0.3.6)
      railties (> 3.2.8, < 4.0.0)
      sprockets (>= 2.0.0)
    tzinfo (0.3.37)
    uglifier (2.1.1)
      execjs (>= 0.3.0)
      multi_json (~> 1.0, >= 1.0.2)
    unf (0.1.2)
      unf_ext
    unf_ext (0.0.6)
    unicode-display_width (0.1.1)
    unicorn (4.6.3)
      kgio (~> 2.6)
      rack
      raindrops (~> 0.7)
    uniform_notifier (1.2.0)
    uuidtools (2.1.4)
    versioncake (0.4.0)
      actionpack (>= 3.0)
      activesupport (>= 3.0)
      railties (>= 3.0)
    warden (1.2.1)
      rack (>= 1.0)
    wasabi (3.1.0)
      httpi (~> 2.0)
      nokogiri (>= 1.4.0)
    webrobots (0.1.1)
    whenever (0.7.3)
      activesupport (>= 2.3.4)
      chronic (~> 0.6.3)
    wirb (1.0.1)
      paint
    zucker (13.1)

PLATFORMS
  ruby

DEPENDENCIES
  angular-rails
  better_errors
  binding_of_caller
  bootstrap-sass
  bullet
  capistrano
  capistrano-unicorn
  coffee-rails
  colorize
  devise-i18n
  foreman
  haml
  haml-rails
  irbtools
  jquery-rails
  letter_opener
  mechanize
  meta_request
  mini_magick
  newrelic_rpm
  pg
  puma
  quiet_assets
  rails (= 3.2.13)
  rails-i18n
  ransack (= 0.7.2)
  roadie
  rvm-capistrano
  sass-rails
  spree (= 1.3.3)
  spree_addings_for_rodaben!
  spree_auth_devise!
  spree_contact_us!
  spree_cycle!
  spree_green_tax!
  spree_i18n!
  spree_load_tires_for_rodaben!
  spree_news!
  spree_paypal_express!
  spree_search_rodaben!
  spree_skrill
  spree_suppliers!
  spree_usa_epay
  spree_workshop!
  thin
  turbo-sprockets-rails3
  uglifier (>= 1.0.3)
  unicorn
  warden (= 1.2.1)
  whenever (~> 0.7.3)
